PATH
  remote: .
  specs:
    pushover_notify (0.0.1)

GEM
  remote: https://rubygems.org/
  specs:
    artifice (0.6)
      rack-test
    diff-lcs (1.2.4)
    httparty (0.11.0)
      multi_json (~> 1.0)
      multi_xml (>= 0.5.2)
    json (1.7.7)
    multi_json (1.7.7)
    multi_xml (0.5.4)
    rack (1.5.2)
    rack-test (0.6.2)
      rack (>= 1.0)
    rake (10.1.0)
    rspec (2.13.0)
      rspec-core (~> 2.13.0)
      rspec-expectations (~> 2.13.0)
      rspec-mocks (~> 2.13.0)
    rspec-core (2.13.1)
    rspec-expectations (2.13.0)
      diff-lcs (>= 1.1.3, < 2.0)
    rspec-mocks (2.13.1)

PLATFORMS
  ruby

DEPENDENCIES
  artifice
  bundler (~> 1.3)
  httparty
  json
  pushover_notify!
  rake
  rspec (~> 2.13.0)
